GEM
  remote: https://rubygems.org/
  specs:
    ffi (1.9.10-x64-mingw32)
    jekyll-paginate (1.1.0)
    jekyll-watch (1.4.0)
      listen (~> 3.0, < 3.1)
    kramdown (1.11.1)
    listen (3.0.8)
      rb-fsevent (~> 0.9, >= 0.9.4)
      rb-inotify (~> 0.9, >= 0.9.7)
    rb-fsevent (0.9.7)
    rb-inotify (0.9.7)
      ffi (>= 0.5.0)
    wdm (0.1.1)

PLATFORMS
  x64-mingw32

DEPENDENCIES
  jekyll-paginate
  jekyll-watch
  kramdown
  wdm (>= 0.1.0)

BUNDLED WITH
   1.12.5
